GEM
  remote: https://rubygems.org/
  specs:
    activesupport (3.2.11)
      i18n (~> 0.6)
      multi_json (~> 1.0)
    i18n (0.6.1)
    multi_json (1.5.0)
    ruby-duration (2.1.4)
      activesupport (>= 3.0.0)
      i18n
    wirble (0.1.3)

PLATFORMS
  ruby

DEPENDENCIES
  ruby-duration
  wirble
